GEM
  remote: https://rubygems.org/
  specs:
    actioncable (8.0.2)
      actionpack (= 8.0.2)
      activesupport (= 8.0.2)
      nio4r (~> 2.0)
      websocket-driver (>= 0.6.1)
      zeitwerk (~> 2.6)
    actionmailbox (8.0.2)
      actionpack (= 8.0.2)
      activejob (= 8.0.2)
      activerecord (= 8.0.2)
      activestorage (= 8.0.2)
      activesupport (= 8.0.2)
      mail (>= 2.8.0)
    actionmailer (8.0.2)
      actionpack (= 8.0.2)
      actionview (= 8.0.2)
      activejob (= 8.0.2)
      activesupport (= 8.0.2)
      mail (>= 2.8.0)
      rails-dom-testing (~> 2.2)
    actionpack (8.0.2)
      actionview (= 8.0.2)
      activesupport (= 8.0.2)
      nokogiri (>= 1.8.5)
      rack (>= 2.2.4)
      rack-session (>= 1.0.1)
      rack-test (>= 0.6.3)
      rails-dom-testing (~> 2.2)
      rails-html-sanitizer (~> 1.6)
      useragent (~> 0.16)
    actiontext (8.0.2)
      actionpack (= 8.0.2)
      activerecord (= 8.0.2)
      activestorage (= 8.0.2)
      activesupport (= 8.0.2)
      globalid (>= 0.6.0)
      nokogiri (>= 1.8.5)
    actionview (8.0.2)
      activesupport (= 8.0.2)
      builder (~> 3.1)
      erubi (~> 1.11)
      rails-dom-testing (~> 2.2)
      rails-html-sanitizer (~> 1.6)
    activejob (8.0.2)
      activesupport (= 8.0.2)
      globalid (>= 0.3.6)
    activemodel (8.0.2)
      activesupport (= 8.0.2)
    activerecord (8.0.2)
      activemodel (= 8.0.2)
      activesupport (= 8.0.2)
      timeout (>= 0.4.0)
    activestorage (8.0.2)
      actionpack (= 8.0.2)
      activejob (= 8.0.2)
      activerecord (= 8.0.2)
      activesupport (= 8.0.2)
      marcel (~> 1.0)
    activesupport (8.0.2)
      base64
      benchmark (>= 0.3)
      bigdecimal
      concurrent-ruby (~> 1.0, >= 1.3.1)
      connection_pool (>= 2.2.5)
      drb
      i18n (>= 1.6, < 2)
      logger (>= 1.4.2)
      minitest (>= 5.1)
      securerandom (>= 0.3)
      tzinfo (~> 2.0, >= 2.0.5)
      uri (>= 0.13.1)
    addressable (2.8.7)
      public_suffix (>= 2.0.2, < 7.0)
    aws-actionmailer-ses (1.0.0)
      actionmailer (>= 7.1.0)
      aws-sdk-ses (~> 1, >= 1.50.0)
      aws-sdk-sesv2 (~> 1, >= 1.34.0)
    aws-eventstream (1.3.2)
    aws-partitions (1.1101.0)
    aws-sdk-core (3.223.0)
      aws-eventstream (~> 1, >= 1.3.0)
      aws-partitions (~> 1, >= 1.992.0)
      aws-sigv4 (~> 1.9)
      base64
      jmespath (~> 1, >= 1.6.1)
      logger
    aws-sdk-kms (1.100.0)
      aws-sdk-core (~> 3, >= 3.216.0)
      aws-sigv4 (~> 1.5)
    aws-sdk-rails (5.1.0)
      aws-sdk-core (~> 3)
      railties (>= 7.1.0)
    aws-sdk-s3 (1.185.0)
      aws-sdk-core (~> 3, >= 3.216.0)
      aws-sdk-kms (~> 1)
      aws-sigv4 (~> 1.5)
    aws-sdk-ses (1.83.0)
      aws-sdk-core (~> 3, >= 3.216.0)
      aws-sigv4 (~> 1.5)
    aws-sdk-sesv2 (1.75.0)
      aws-sdk-core (~> 3, >= 3.216.0)
      aws-sigv4 (~> 1.5)
    aws-sigv4 (1.11.0)
      aws-eventstream (~> 1, >= 1.0.2)
    base64 (0.2.0)
    benchmark (0.4.0)
    bigdecimal (3.1.9)
    builder (3.3.0)
    childprocess (5.1.0)
      logger (~> 1.5)
    concurrent-ruby (1.3.5)
    connection_pool (2.5.3)
    crass (1.0.6)
    date (3.4.1)
    drb (2.2.1)
    erubi (1.13.1)
    factory_bot (6.5.1)
      activesupport (>= 6.1.0)
    factory_bot_rails (6.4.4)
      factory_bot (~> 6.5)
      railties (>= 5.0.0)
    ffi (1.17.2)
    ffi (1.17.2-aarch64-linux-gnu)
    ffi (1.17.2-aarch64-linux-musl)
    ffi (1.17.2-arm-linux-gnu)
    ffi (1.17.2-arm-linux-musl)
    ffi (1.17.2-arm64-darwin)
    ffi (1.17.2-x86-linux-gnu)
    ffi (1.17.2-x86-linux-musl)
    ffi (1.17.2-x86_64-darwin)
    ffi (1.17.2-x86_64-linux-gnu)
    ffi (1.17.2-x86_64-linux-musl)
    globalid (1.2.1)
      activesupport (>= 6.1)
    haml (6.3.0)
      temple (>= 0.8.2)
      thor
      tilt
    haml-rails (2.1.0)
      actionpack (>= 5.1)
      activesupport (>= 5.1)
      haml (>= 4.0.6)
      railties (>= 5.1)
    i18n (1.14.7)
      concurrent-ruby (~> 1.0)
    io-console (0.8.0)
    irb (1.15.2)
      pp (>= 0.6.0)
      rdoc (>= 4.0.0)
      reline (>= 0.4.2)
    jmespath (1.6.2)
    jquery-rails (4.6.0)
      rails-dom-testing (>= 1, < 3)
      railties (>= 4.2.0)
      thor (>= 0.14, < 2.0)
    launchy (3.1.1)
      addressable (~> 2.8)
      childprocess (~> 5.0)
      logger (~> 1.6)
    letter_opener (1.10.0)
      launchy (>= 2.2, < 4)
    logger (1.7.0)
    lograge (0.14.0)
      actionpack (>= 4)
      activesupport (>= 4)
      railties (>= 4)
      request_store (~> 1.0)
    loofah (2.24.0)
      crass (~> 1.0.2)
      nokogiri (>= 1.12.0)
    mail (2.8.1)
      mini_mime (>= 0.1.1)
      net-imap
      net-pop
      net-smtp
    marcel (1.0.4)
    mini_mime (1.1.5)
    mini_portile2 (2.8.8)
    minitest (5.25.5)
    net-imap (0.5.8)
      date
      net-protocol
    net-pop (0.1.2)
      net-protocol
    net-protocol (0.2.2)
      timeout
    net-smtp (0.5.1)
      net-protocol
    nio4r (2.7.4)
    nokogiri (1.18.8)
      mini_portile2 (~> 2.8.2)
      racc (~> 1.4)
    nokogiri (1.18.8-aarch64-linux-gnu)
      racc (~> 1.4)
    nokogiri (1.18.8-aarch64-linux-musl)
      racc (~> 1.4)
    nokogiri (1.18.8-arm-linux-gnu)
      racc (~> 1.4)
    nokogiri (1.18.8-arm-linux-musl)
      racc (~> 1.4)
    nokogiri (1.18.8-arm64-darwin)
      racc (~> 1.4)
    nokogiri (1.18.8-x86_64-darwin)
      racc (~> 1.4)
    nokogiri (1.18.8-x86_64-linux-gnu)
      racc (~> 1.4)
    nokogiri (1.18.8-x86_64-linux-musl)
      racc (~> 1.4)
    ostruct (0.6.1)
    pg (1.5.9)
    pp (0.6.2)
      prettyprint
    prettyprint (0.2.0)
    psych (5.2.4)
      date
      stringio
    public_suffix (6.0.2)
    puma (6.6.0)
      nio4r (~> 2.0)
    racc (1.8.1)
    rack (3.1.14)
    rack-session (2.1.1)
      base64 (>= 0.1.0)
      rack (>= 3.0.0)
    rack-test (2.2.0)
      rack (>= 1.3)
    rackup (2.2.1)
      rack (>= 3)
    rails (8.0.2)
      actioncable (= 8.0.2)
      actionmailbox (= 8.0.2)
      actionmailer (= 8.0.2)
      actionpack (= 8.0.2)
      actiontext (= 8.0.2)
      actionview (= 8.0.2)
      activejob (= 8.0.2)
      activemodel (= 8.0.2)
      activerecord (= 8.0.2)
      activestorage (= 8.0.2)
      activesupport (= 8.0.2)
      bundler (>= 1.15.0)
      railties (= 8.0.2)
    rails-dom-testing (2.2.0)
      activesupport (>= 5.0.0)
      minitest
      nokogiri (>= 1.6)
    rails-html-sanitizer (1.6.2)
      loofah (~> 2.21)
      nokogiri (>= 1.15.7, != 1.16.7, != 1.16.6, != 1.16.5, != 1.16.4, != 1.16.3, != 1.16.2, != 1.16.1, != 1.16.0.rc1, != 1.16.0)
    railties (8.0.2)
      actionpack (= 8.0.2)
      activesupport (= 8.0.2)
      irb (~> 1.13)
      rackup (>= 1.0.0)
      rake (>= 12.2)
      thor (~> 1.0, >= 1.2.2)
      zeitwerk (~> 2.6)
    rake (13.2.1)
    rdoc (6.13.1)
      psych (>= 4.0.0)
    reline (0.6.1)
      io-console (~> 0.5)
    request_store (1.7.0)
      rack (>= 1.4)
    rotp (6.3.0)
    rubyzip (2.4.1)
    sassc (2.4.0)
      ffi (~> 1.9)
    sassc-rails (2.1.2)
      railties (>= 4.0.0)
      sassc (>= 2.0)
      sprockets (> 3.0)
      sprockets-rails
      tilt
    securerandom (0.4.1)
    sprockets (4.2.2)
      concurrent-ruby (~> 1.0)
      logger
      rack (>= 2.2.4, < 4)
    sprockets-rails (3.5.2)
      actionpack (>= 6.1)
      activesupport (>= 6.1)
      sprockets (>= 3.0.0)
    stringio (3.1.7)
    temple (0.10.3)
    thor (1.3.2)
    tilt (2.6.0)
    timeout (0.4.3)
    tzinfo (2.0.6)
      concurrent-ruby (~> 1.0)
    uri (1.0.3)
    useragent (0.16.11)
    websocket-driver (0.7.7)
      base64
      websocket-extensions (>= 0.1.0)
    websocket-extensions (0.1.5)
    zeitwerk (2.7.2)

PLATFORMS
  aarch64-linux-gnu
  aarch64-linux-musl
  arm-linux-gnu
  arm-linux-musl
  arm64-darwin
  ruby
  x86-linux-gnu
  x86-linux-musl
  x86_64-darwin
  x86_64-linux-gnu
  x86_64-linux-musl

DEPENDENCIES
  aws-actionmailer-ses
  aws-sdk-rails
  aws-sdk-s3
  factory_bot_rails
  haml
  haml-rails
  jquery-rails
  letter_opener
  lograge
  nokogiri
  ostruct
  pg
  puma
  rails (= 8.0.2)
  rotp
  rubyzip
  sassc
  sassc-rails
  sprockets
  sprockets-rails

CHECKSUMS
  actioncable (8.0.2) sha256=7bcce2df62e91a80143592600e16583c273e98aab50ae40a9f6a2604bb3289a0
  actionmailbox (8.0.2) sha256=3d8fb3453913e6257da4d02004bbfa2b997dfd10672f8d990e95013983e2cedb
  actionmailer (8.0.2) sha256=b0c968b38576ec56a3dc2795931818e0aaae6a18cc9801f53f175c12d4b277d0
  actionpack (8.0.2) sha256=93e703064f3815295ccf820f57acbca719aec836749597da9262781c9b2f4b78
  actiontext (8.0.2) sha256=a40db32032ee2fbb479d5d69318c4284344c1cda73836fd73ffcdb917d203abf
  actionview (8.0.2) sha256=e038e1405cdfc18f04f17243da4fb8eeda3a4992f63a6d70a7281d255cf7cebb
  activejob (8.0.2) sha256=b0228b45e36b1ef3a081c684e81494147e094a6baf729018756ccf125b1853ca
  activemodel (8.0.2) sha256=0ae1fb7fa1fae0699ba041a9e97702df42ea3b13f2d39f2d0fde51fca5f0656c
  activerecord (8.0.2) sha256=793470b92c44e4198d0262ac60086b7822f0ea585079ad67e32a6e4c86f2d90a
  activestorage (8.0.2) sha256=f83d221e0f06ae38f2200e55490bd155c76d0add330f6e300e8646048d672977
  activesupport (8.0.2) sha256=8565cddba31b900cdc17682fd66ecd020441e3eef320a9930285394e8c07a45e
  addressable (2.8.7) sha256=462986537cf3735ab5f3c0f557f14155d778f4b43ea4f485a9deb9c8f7c58232
  aws-actionmailer-ses (1.0.0) sha256=0a16f1413dba0bf96a6bb065ebf353c7c8a107534af5146a31b8243b9e4d4c18
  aws-eventstream (1.3.2) sha256=7e2c3a55ca70d7861d5d3c98e47daa463ed539c349caba22b48305b8919572d7
  aws-partitions (1.1101.0) sha256=ce12b58e6462627560b32160421fa15bbbc9682c1e678028b90f244f8a2f00a2
  aws-sdk-core (3.223.0) sha256=d8c309116787cd24fb32095da4fa94d1f76e26baea705eabb66aa4585e8d8c77
  aws-sdk-kms (1.100.0) sha256=b9abf0531c43272ed6f66032bf64c8c969dd07b5c27fc06b7e43411e39db2f15
  aws-sdk-rails (5.1.0) sha256=8cffd3b60142e12a6747c91a7a609f668276b1082fc0c10810d5da3d14b13189
  aws-sdk-s3 (1.185.0) sha256=7e5ebb091b2a5dafe561786e0b7bfee7a2ae5959a02f302572a09e6b7178a5c7
  aws-sdk-ses (1.83.0) sha256=ca2e8906538fbfbca8928372d73aebecaff13252e5028840ee614b6e1437dba0
  aws-sdk-sesv2 (1.75.0) sha256=64b83c938196fae0d9a2ed75a29b291bbb221e0238360d24d7244cfa4500faf8
  aws-sigv4 (1.11.0) sha256=50a8796991a862324442036ad7a395920572b84bb6cd29b945e5e1800e8da1db
  base64 (0.2.0) sha256=0f25e9b21a02a0cc0cea8ef92b2041035d39350946e8789c562b2d1a3da01507
  benchmark (0.4.0) sha256=0f12f8c495545e3710c3e4f0480f63f06b4c842cc94cec7f33a956f5180e874a
  bigdecimal (3.1.9) sha256=2ffc742031521ad69c2dfc815a98e426a230a3d22aeac1995826a75dabfad8cc
  builder (3.3.0) sha256=497918d2f9dca528fdca4b88d84e4ef4387256d984b8154e9d5d3fe5a9c8835f
  childprocess (5.1.0) sha256=9a8d484be2fd4096a0e90a0cd3e449a05bc3aa33f8ac9e4d6dcef6ac1455b6ec
  concurrent-ruby (1.3.5) sha256=813b3e37aca6df2a21a3b9f1d497f8cbab24a2b94cab325bffe65ee0f6cbebc6
  connection_pool (2.5.3) sha256=cfd74a82b9b094d1ce30c4f1a346da23ee19dc8a062a16a85f58eab1ced4305b
  crass (1.0.6) sha256=dc516022a56e7b3b156099abc81b6d2b08ea1ed12676ac7a5657617f012bd45d
  date (3.4.1) sha256=bf268e14ef7158009bfeaec40b5fa3c7271906e88b196d958a89d4b408abe64f
  drb (2.2.1) sha256=e9d472bf785f558b96b25358bae115646da0dbfd45107ad858b0bc0d935cb340
  erubi (1.13.1) sha256=a082103b0885dbc5ecf1172fede897f9ebdb745a4b97a5e8dc63953db1ee4ad9
  factory_bot (6.5.1) sha256=40581ea7bec0aee05514b8f4f99ed477274bdf1884c1372de5209e60322d6ca9
  factory_bot_rails (6.4.4) sha256=139e17caa2c50f098fddf5e5e1f29e8067352024e91ca1186d018b36589e5c88
  ffi (1.17.2) sha256=297235842e5947cc3036ebe64077584bff583cd7a4e94e9a02fdec399ef46da6
  ffi (1.17.2-aarch64-linux-gnu) sha256=c910bd3cae70b76690418cce4572b7f6c208d271f323d692a067d59116211a1a
  ffi (1.17.2-aarch64-linux-musl) sha256=69e6556b091d45df83e6c3b19d3c54177c206910965155a6ec98de5e893c7b7c
  ffi (1.17.2-arm-linux-gnu) sha256=d4a438f2b40224ae42ec72f293b3ebe0ba2159f7d1bd47f8417e6af2f68dbaa5
  ffi (1.17.2-arm-linux-musl) sha256=977dfb7f3a6381206dbda9bc441d9e1f9366bf189a634559c3b7c182c497aaa3
  ffi (1.17.2-arm64-darwin) sha256=54dd9789be1d30157782b8de42d8f887a3c3c345293b57ffb6b45b4d1165f813
  ffi (1.17.2-x86-linux-gnu) sha256=95d8f9ebea23c39888e2ab85a02c98f54acb2f4e79b829250d7267ce741dc7b0
  ffi (1.17.2-x86-linux-musl) sha256=41741449bab2b9530f42a47baa5c26263925306fad0ac2d60887f51af2e3b24c
  ffi (1.17.2-x86_64-darwin) sha256=981f2d4e32ea03712beb26e55e972797c2c5a7b0257955d8667ba58f2da6440e
  ffi (1.17.2-x86_64-linux-gnu) sha256=05d2026fc9dbb7cfd21a5934559f16293815b7ce0314846fee2ac8efbdb823ea
  ffi (1.17.2-x86_64-linux-musl) sha256=97c0eb3981414309285a64dc4d466bd149e981c279a56371ef811395d68cb95c
  globalid (1.2.1) sha256=70bf76711871f843dbba72beb8613229a49429d1866828476f9c9d6ccc327ce9
  haml (6.3.0) sha256=8e6eb87d869639e348852009e74a2a1663d79663ed7e7dbcb38beb1f12bcdd97
  haml-rails (2.1.0) sha256=273ba0189e2f82ce4b2385019dd9138884017e3103cc2eaebeee7f45186f59ea
  i18n (1.14.7) sha256=ceba573f8138ff2c0915427f1fc5bdf4aa3ab8ae88c8ce255eb3ecf0a11a5d0f
  io-console (0.8.0) sha256=cd6a9facbc69871d69b2cb8b926fc6ea7ef06f06e505e81a64f14a470fddefa2
  irb (1.15.2) sha256=222f32952e278da34b58ffe45e8634bf4afc2dc7aa9da23fed67e581aa50fdba
  jmespath (1.6.2) sha256=238d774a58723d6c090494c8879b5e9918c19485f7e840f2c1c7532cf84ebcb1
  jquery-rails (4.6.0) sha256=3c4e6bf47274340b44d836b8aa1b5472c6d451e2739af5ec094421f39025a7e2
  launchy (3.1.1) sha256=72b847b5cc961589dde2c395af0108c86ff0119f42d4648d25b5440ebb10059e
  letter_opener (1.10.0) sha256=2ff33f2e3b5c3c26d1959be54b395c086ca6d44826e8bf41a14ff96fdf1bdbb2
  logger (1.7.0) sha256=196edec7cc44b66cfb40f9755ce11b392f21f7967696af15d274dde7edff0203
  lograge (0.14.0) sha256=42371a75823775f166f727639f5ddce73dd149452a55fc94b90c303213dc9ae1
  loofah (2.24.0) sha256=61e6a710883abb8210887f3dc868cf3ed66594c509d9ff6987621efa6651ee1e
  mail (2.8.1) sha256=ec3b9fadcf2b3755c78785cb17bc9a0ca9ee9857108a64b6f5cfc9c0b5bfc9ad
  marcel (1.0.4) sha256=0d5649feb64b8f19f3d3468b96c680bae9746335d02194270287868a661516a4
  mini_mime (1.1.5) sha256=8681b7e2e4215f2a159f9400b5816d85e9d8c6c6b491e96a12797e798f8bccef
  mini_portile2 (2.8.8) sha256=8e47136cdac04ce81750bb6c09733b37895bf06962554e4b4056d78168d70a75
  minitest (5.25.5) sha256=391b6c6cb43a4802bfb7c93af1ebe2ac66a210293f4a3fb7db36f2fc7dc2c756
  net-imap (0.5.8) sha256=52aa5fdfc1a8a3df1f793b20a327e95b5a9dfe1d733e1f0d53075d2dbcfcf593
  net-pop (0.1.2) sha256=848b4e982013c15b2f0382792268763b748cce91c9e91e36b0f27ed26420dff3
  net-protocol (0.2.2) sha256=aa73e0cba6a125369de9837b8d8ef82a61849360eba0521900e2c3713aa162a8
  net-smtp (0.5.1) sha256=ed96a0af63c524fceb4b29b0d352195c30d82dd916a42f03c62a3a70e5b70736
  nio4r (2.7.4) sha256=d95dee68e0bb251b8ff90ac3423a511e3b784124e5db7ff5f4813a220ae73ca9
  nokogiri (1.18.8) sha256=8c7464875d9ca7f71080c24c0db7bcaa3940e8be3c6fc4bcebccf8b9a0016365
  nokogiri (1.18.8-aarch64-linux-gnu) sha256=36badd2eb281fca6214a5188e24a34399b15d89730639a068d12931e2adc210e
  nokogiri (1.18.8-aarch64-linux-musl) sha256=664e0f9a77a7122a66d6c03abba7641ca610769a4728db55ee1706a0838b78a2
  nokogiri (1.18.8-arm-linux-gnu) sha256=17de01ca3adf9f8e187883ed73c672344d3dbb3c260f88ffa1008e8dc255a28e
  nokogiri (1.18.8-arm-linux-musl) sha256=6e6d7e71fc39572bd613a82d528cf54392c3de1ba5ce974f05c832b8187a040b
  nokogiri (1.18.8-arm64-darwin) sha256=483b5b9fb33653f6f05cbe00d09ea315f268f0e707cfc809aa39b62993008212
  nokogiri (1.18.8-x86_64-darwin) sha256=024cdfe7d9ae3466bba6c06f348fb2a8395d9426b66a3c82f1961b907945cc0c
  nokogiri (1.18.8-x86_64-linux-gnu) sha256=4a747875db873d18a2985ee2c320a6070c4a414ad629da625fbc58d1a20e5ecc
  nokogiri (1.18.8-x86_64-linux-musl) sha256=ddd735fba49475a395b9ea793bb6474e3a3125b89960339604d08a5397de1165
  ostruct (0.6.1) sha256=09a3fb7ecc1fa4039f25418cc05ae9c82bd520472c5c6a6f515f03e4988cb817
  pg (1.5.9) sha256=761efbdf73b66516f0c26fcbe6515dc7500c3f0aa1a1b853feae245433c64fdc
  pp (0.6.2) sha256=947ec3120c6f92195f8ee8aa25a7b2c5297bb106d83b41baa02983686577b6ff
  prettyprint (0.2.0) sha256=2bc9e15581a94742064a3cc8b0fb9d45aae3d03a1baa6ef80922627a0766f193
  psych (5.2.4) sha256=f2d9810f7f383a6b0fbc705202851e1a55b236bcb8e168ab5dfa5741842ec7c5
  public_suffix (6.0.2) sha256=bfa7cd5108066f8c9602e0d6d4114999a5df5839a63149d3e8b0f9c1d3558394
  puma (6.6.0) sha256=f25c06873eb3d5de5f0a4ebc783acc81a4ccfe580c760cfe323497798018ad87
  racc (1.8.1) sha256=4a7f6929691dbec8b5209a0b373bc2614882b55fc5d2e447a21aaa691303d62f
  rack (3.1.14) sha256=84613c2a8df193bb6711d9c14ecc6d5a65a7cb4312379a65e793562608944b44
  rack-session (2.1.1) sha256=0b6dc07dea7e4b583f58a48e8b806d4c9f1c6c9214ebc202ec94562cbea2e4e9
  rack-test (2.2.0) sha256=005a36692c306ac0b4a9350355ee080fd09ddef1148a5f8b2ac636c720f5c463
  rackup (2.2.1) sha256=f737191fd5c5b348b7f0a4412a3b86383f88c43e13b8217b63d4c8d90b9e798d
  rails (8.0.2) sha256=fdfaa5a83ec0388e02864e88d515959caedc88053b5f701c4deb1652d8f164c6
  rails-dom-testing (2.2.0) sha256=e515712e48df1f687a1d7c380fd7b07b8558faa26464474da64183a7426fa93b
  rails-html-sanitizer (1.6.2) sha256=35fce2ca8242da8775c83b6ba9c1bcaad6751d9eb73c1abaa8403475ab89a560
  railties (8.0.2) sha256=0d7c3f40c49ba74980f1bac1d4bb153a9331c5ee8a9631d89c7bf79db82e5cf9
  rake (13.2.1) sha256=46cb38dae65d7d74b6020a4ac9d48afed8eb8149c040eccf0523bec91907059d
  rdoc (6.13.1) sha256=62a0dac99493c94e8eb7a3fb44e55aefcb4cecb119f7991f25bddc5ed8d472f7
  reline (0.6.1) sha256=1afcc9d7cb1029cdbe780d72f2f09251ce46d3780050f3ec39c3ccc6b60675fb
  request_store (1.7.0) sha256=e1b75d5346a315f452242a68c937ef8e48b215b9453a77a6c0acdca2934c88cb
  rotp (6.3.0) sha256=75d40087e65ed0d8022c33055a6306c1c400d1c12261932533b5d6cbcd868854
  rubyzip (2.4.1) sha256=8577c88edc1fde8935eb91064c5cb1aef9ad5494b940cf19c775ee833e075615
  sassc (2.4.0) sha256=4c60a2b0a3b36685c83b80d5789401c2f678c1652e3288315a1551d811d9f83e
  sassc-rails (2.1.2) sha256=5f4fdf3881fc9bdc8e856ffbd9850d70a2878866feae8114aa45996179952db5
  securerandom (0.4.1) sha256=cc5193d414a4341b6e225f0cb4446aceca8e50d5e1888743fac16987638ea0b1
  sprockets (4.2.2) sha256=761e5a49f1c288704763f73139763564c845a8f856d52fba013458f8af1b59b1
  sprockets-rails (3.5.2) sha256=a9e88e6ce9f8c912d349aa5401509165ec42326baf9e942a85de4b76dbc4119e
  stringio (3.1.7) sha256=5b78b7cb242a315fb4fca61a8255d62ec438f58da2b90be66048546ade4507fa
  temple (0.10.3) sha256=df3145fe6577af1e25387eb7f7122d32ed51bdb6f2e7bb0f4fbf07b66151913b
  thor (1.3.2) sha256=eef0293b9e24158ccad7ab383ae83534b7ad4ed99c09f96f1a6b036550abbeda
  tilt (2.6.0) sha256=263d748466e0d83e510aa1a2e2281eff547937f0ef06be33d3632721e255f76b
  timeout (0.4.3) sha256=9509f079b2b55fe4236d79633bd75e34c1c1e7e3fb4b56cb5fda61f80a0fe30e
  tzinfo (2.0.6) sha256=8daf828cc77bcf7d63b0e3bdb6caa47e2272dcfaf4fbfe46f8c3a9df087a829b
  uri (1.0.3) sha256=e9f2244608eea2f7bc357d954c65c910ce0399ca5e18a7a29207ac22d8767011
  useragent (0.16.11) sha256=700e6413ad4bb954bb63547fa098dddf7b0ebe75b40cc6f93b8d54255b173844
  websocket-driver (0.7.7) sha256=056d99f2cd545712cfb1291650fde7478e4f2661dc1db6a0fa3b966231a146b4
  websocket-extensions (0.1.5) sha256=1c6ba63092cda343eb53fc657110c71c754c56484aad42578495227d717a8241
  zeitwerk (2.7.2) sha256=842e067cb11eb923d747249badfb5fcdc9652d6f20a1f06453317920fdcd4673

BUNDLED WITH
   2.6.7
